PATH
  remote: .
  specs:
    mmtop (1.0.1)
      getopt-declare
      mysql2

GEM
  remote: http://rubygems.org/
  specs:
    bump (0.5.0)
    columnize (0.8.9)
    debugger (1.6.8)
      columnize (>= 0.3.1)
      debugger-linecache (~> 1.2.0)
      debugger-ruby_core_source (~> 1.3.5)
    debugger-linecache (1.2.0)
    debugger-ruby_core_source (1.3.5)
    getopt-declare (1.32)
    mysql2 (0.3.14)
    mysql_isolated_server (0.1.1)
    rake (10.3.2)

PLATFORMS
  ruby

DEPENDENCIES
  bump
  debugger
  mmtop!
  mysql_isolated_server
  rake
