PATH
  remote: .
  specs:
    mmtop (1.1.0)
      getopt-declare
      mysql2

GEM
  remote: http://rubygems.org/
  specs:
    bump (0.5.0)
    getopt-declare (1.32)
    mysql2 (0.3.14)
    mysql_isolated_server (0.1.1)
    rake (10.3.2)

PLATFORMS
  ruby

DEPENDENCIES
  bump
  mmtop!
  mysql_isolated_server
  rake
